GEM
  remote: http://rubygems.org/
  specs:
    activerecord (2.3.2)
      activesupport (= 2.3.2)
    activesupport (2.3.2)
    bcrypt-ruby (2.1.4)
    haml (2.2.24)
    json (1.4.6)
    pg (0.9.0)
    rack (1.2.1)
    rack-flash (0.1.1)
      rack
    rake (0.9.2.2)
    sass (3.1.0.alpha.23)
    sequel (3.17.0)
    shotgun (0.9)
      rack (>= 1.0)
    sinatra (1.0)
      rack (>= 1.0)
    sinatra-redirect-with-flash (0.1.2)
      rack-flash (>= 0.1.1)
      sinatra (>= 0.9.1)
    sqlite3 (1.3.6)

PLATFORMS
  ruby

DEPENDENCIES
  activerecord
  activesupport (= 2.3.2)
  bcrypt-ruby
  haml (= 2.2.24)
  json (= 1.4.6)
  pg (= 0.9.0)
  rack
  rack-flash
  rake (= 0.9.2.2)
  sass (= 3.1.0.alpha.23)
  sequel (= 3.17.0)
  shotgun
  sinatra (= 1.0)
  sinatra-redirect-with-flash
  sqlite3
