GEM
  remote: http://rubygems.org/
  specs:
    activerecord (2.3.2)
      activesupport (= 2.3.2)
    activesupport (2.3.2)
    haml (2.2.24)
    json (1.4.6)
    pg (0.9.0)
    rack (1.2.1)
    rake (0.8.7)
    sass (3.1.0.alpha.23)
    sequel (3.17.0)
    shotgun (0.9)
      rack (>= 1.0)
    sinatra (1.0)
      rack (>= 1.0)

PLATFORMS
  ruby

DEPENDENCIES
  activerecord
  activesupport (= 2.3.2)
  haml (= 2.2.24)
  json (= 1.4.6)
  pg (= 0.9.0)
  rack (= 1.2.1)
  rake (= 0.8.7)
  sass (= 3.1.0.alpha.23)
  sequel (= 3.17.0)
  shotgun
  sinatra (= 1.0)
